GEM
  remote: http://rubygems.org/
  specs:
    compass (0.10.6)
      haml (>= 3.0.4)
    haml (3.0.24)
    rack (1.2.1)
    sinatra (1.1.0)
      rack (~> 1.1)
      tilt (~> 1.1)
    tilt (1.1)

PLATFORMS
  ruby

DEPENDENCIES
  compass (>= 0.10.6)
  sinatra (>= 1.1.0)
